GEM
  remote: http://rubygems.org/
  specs:
    commander (4.1.3)
      highline (~> 1.6.11)
    highline (1.6.19)
    sequel (3.47.0)
    sqlite3 (1.3.7)

PLATFORMS
  ruby

DEPENDENCIES
  commander
  sequel
  sqlite3
